GEM
  remote: http://rubygems.org/
  specs:
    addressable (2.3.4)
    crack (0.3.2)
    curb (0.8.4)
    diff-lcs (1.1.3)
    git (1.2.5)
    jeweler (1.8.4)
      bundler (~> 1.0)
      git (>= 1.2.5)
      rake
      rdoc
    json (1.8.0)
    rake (10.0.4)
    rdoc (3.12.2)
      json (~> 1.4)
    redgreen (1.2.2)
    rspec (2.11.0)
      rspec-core (~> 2.11.0)
      rspec-expectations (~> 2.11.0)
      rspec-mocks (~> 2.11.0)
    rspec-core (2.11.1)
    rspec-expectations (2.11.3)
      diff-lcs (~> 1.1.3)
    rspec-mocks (2.11.2)
    shoulda-context (1.0.2)
    test-unit (2.5.4)
    webmock (1.9.0)
      addressable (>= 2.2.7)
      crack (>= 0.1.7)

PLATFORMS
  ruby

DEPENDENCIES
  bundler
  curb
  jeweler
  redgreen
  rspec
  shoulda-context
  test-unit
  webmock
